GEM
  remote: https://rubygems.org/
  specs:
    activesupport (5.2.8.1)
      concurrent-ruby (~> 1.0, >= 1.0.2)
      i18n (>= 0.7, < 2)
      minitest (~> 5.1)
      tzinfo (~> 1.1)
    addressable (2.5.2)
      public_suffix (>= 2.0.2, < 4.0)
    algolia_html_extractor (2.6.4)
      json (~> 2.0)
      nokogiri (~> 1.10)
    algoliasearch (1.23.2)
      httpclient (~> 2.8, >= 2.8.3)
      json (>= 1.5.1)
    autoprefixer-rails (10.4.7.0)
      execjs (~> 2)
    coffee-script (2.4.1)
      coffee-script-source
      execjs
    coffee-script-source (1.11.1)
    colorator (1.1.0)
    commonmarker (0.17.13)
      ruby-enum (~> 0.5)
    concurrent-ruby (1.1.10)
    dnsruby (1.61.2)
      addressable (~> 2.5)
    em-websocket (0.5.1)
      eventmachine (>= 0.12.9)
      http_parser.rb (~> 0.6.0)
    ethon (0.11.0)
      ffi (>= 1.3.0)
    eventmachine (1.2.7)
    execjs (2.7.0)
    extras (0.3.0)
      forwardable-extended (~> 2.5)
    faraday (2.6.0)
      faraday-net_http (>= 2.0, < 3.1)
      ruby2_keywords (>= 0.0.4)
    faraday-net_http (3.0.1)
    fastimage (2.2.6)
    ffi (1.12.2)
    filesize (0.2.0)
    forwardable-extended (2.6.0)
    gemoji (3.0.1)
    github-pages (217)
      github-pages-health-check (= 1.17.2)
      jekyll (= 3.9.0)
      jekyll-avatar (= 0.7.0)
      jekyll-coffeescript (= 1.1.1)
      jekyll-commonmark-ghpages (= 0.1.6)
      jekyll-default-layout (= 0.1.4)
      jekyll-feed (= 0.15.1)
      jekyll-gist (= 1.5.0)
      jekyll-github-metadata (= 2.13.0)
      jekyll-mentions (= 1.6.0)
      jekyll-optional-front-matter (= 0.3.2)
      jekyll-paginate (= 1.1.0)
      jekyll-readme-index (= 0.3.0)
      jekyll-redirect-from (= 0.16.0)
      jekyll-relative-links (= 0.6.1)
      jekyll-remote-theme (= 0.4.3)
      jekyll-sass-converter (= 1.5.2)
      jekyll-seo-tag (= 2.7.1)
      jekyll-sitemap (= 1.4.0)
      jekyll-titles-from-headings (= 0.5.3)
      jemoji (= 0.12.0)
      kramdown (= 2.3.1)
      kramdown-parser-gfm (= 1.1.0)
      liquid (= 4.0.3)
      mercenary (~> 0.3)
      minima (= 2.5.1)
      nokogiri (>= 1.10.4, < 2.0)
      rouge (= 3.26.0)
      terminal-table (~> 1.4)
    github-pages-health-check (1.17.2)
      addressable (~> 2.3)
      dnsruby (~> 1.60)
      octokit (~> 4.0)
      public_suffix (>= 2.0.2, < 5.0)
      typhoeus (~> 1.3)
    html-pipeline (2.14.3)
      activesupport (>= 2)
      nokogiri (>= 1.4)
    http_parser.rb (0.6.0)
    httpclient (2.8.3)
    i18n (0.9.5)
      concurrent-ruby (~> 1.0)
    jekyll (3.9.0)
      addressable (~> 2.4)
      colorator (~> 1.0)
      em-websocket (~> 0.5)
      i18n (~> 0.7)
      jekyll-sass-converter (~> 1.0)
      jekyll-watch (~> 2.0)
      kramdown (>= 1.17, < 3)
      liquid (~> 4.0)
      mercenary (~> 0.3.3)
      pathutil (~> 0.9)
      rouge (>= 1.7, < 4)
      safe_yaml (~> 1.0)
    jekyll-algolia (1.4.9)
      algolia_html_extractor (~> 2.6)
      algoliasearch (~> 1.18)
      filesize (~> 0.1)
      jekyll (~> 3.0)
      json (~> 2.0)
      nokogiri (~> 1.6)
      progressbar (~> 1.9)
      verbal_expressions (~> 0.1.5)
    jekyll-assets (3.0.12)
      activesupport (~> 5.0)
      execjs (~> 2.7)
      extras (~> 0.2)
      fastimage (~> 2.0, >= 1.8)
      jekyll (>= 3.5, < 4.0)
      jekyll-sanity (~> 1.2)
      liquid-tag-parser (~> 1.0)
      nokogiri (~> 1.8)
      pathutil (~> 0.16)
      sprockets (>= 3.3, < 4.1.beta)
    jekyll-avatar (0.7.0)
      jekyll (>= 3.0, < 5.0)
    jekyll-coffeescript (1.1.1)
      coffee-script (~> 2.2)
      coffee-script-source (~> 1.11.1)
    jekyll-commonmark (1.3.1)
      commonmarker (~> 0.14)
      jekyll (>= 3.7, < 5.0)
    jekyll-commonmark-ghpages (0.1.6)
      commonmarker (~> 0.17.6)
      jekyll-commonmark (~> 1.2)
      rouge (>= 2.0, < 4.0)
    jekyll-default-layout (0.1.4)
      jekyll (~> 3.0)
    jekyll-feed (0.15.1)
      jekyll (>= 3.7, < 5.0)
    jekyll-gist (1.5.0)
      octokit (~> 4.2)
    jekyll-github-metadata (2.13.0)
      jekyll (>= 3.4, < 5.0)
      octokit (~> 4.0, != 4.4.0)
    jekyll-mentions (1.6.0)
      html-pipeline (~> 2.3)
      jekyll (>= 3.7, < 5.0)
    jekyll-optional-front-matter (0.3.2)
      jekyll (>= 3.0, < 5.0)
    jekyll-paginate (1.1.0)
    jekyll-readme-index (0.3.0)
      jekyll (>= 3.0, < 5.0)
    jekyll-redirect-from (0.16.0)
      jekyll (>= 3.3, < 5.0)
    jekyll-relative-links (0.6.1)
      jekyll (>= 3.3, < 5.0)
    jekyll-remote-theme (0.4.3)
      addressable (~> 2.0)
      jekyll (>= 3.5, < 5.0)
      jekyll-sass-converter (>= 1.0, <= 3.0.0, != 2.0.0)
      rubyzip (>= 1.3.0, < 3.0)
    jekyll-sanity (1.6.0)
      jekyll (>= 3.1, < 5.0)
      pathutil (~> 0.16)
    jekyll-sass-converter (1.5.2)
      sass (~> 3.4)
    jekyll-seo-tag (2.7.1)
      jekyll (>= 3.8, < 5.0)
    jekyll-sitemap (1.4.0)
      jekyll (>= 3.7, < 5.0)
    jekyll-titles-from-headings (0.5.3)
      jekyll (>= 3.3, < 5.0)
    jekyll-watch (2.2.1)
      listen (~> 3.0)
    jemoji (0.12.0)
      gemoji (~> 3.0)
      html-pipeline (~> 2.2)
      jekyll (>= 3.0, < 5.0)
    json (2.6.2)
    kramdown (2.3.1)
      rexml
    kramdown-parser-gfm (1.1.0)
      kramdown (~> 2.0)
    liquid (4.0.3)
    liquid-tag-parser (1.9.0)
      extras (~> 0.3)
      liquid (>= 3.0, < 5.0)
    listen (3.7.1)
      rb-fsevent (~> 0.10, >= 0.10.3)
      rb-inotify (~> 0.9, >= 0.9.10)
    mercenary (0.3.6)
    mini_portile2 (2.8.0)
    minima (2.5.1)
      jekyll (>= 3.5, < 5.0)
      jekyll-feed (~> 0.9)
      jekyll-seo-tag (~> 2.1)
    minitest (5.16.3)
    nokogiri (1.13.9)
      mini_portile2 (~> 2.8.0)
      racc (~> 1.4)
    octokit (4.25.1)
      faraday (>= 1, < 3)
      sawyer (~> 0.9)
    pathutil (0.16.2)
      forwardable-extended (~> 2.6)
    progressbar (1.10.0)
    public_suffix (3.1.1)
    racc (1.6.0)
    rack (1.6.12)
    rb-fsevent (0.10.3)
    rb-inotify (0.10.1)
      ffi (~> 1.0)
    rexml (3.2.5)
    rouge (3.26.0)
    ruby-enum (0.7.2)
      i18n
    ruby2_keywords (0.0.5)
    rubyzip (2.3.2)
    safe_yaml (1.0.5)
    sass (3.7.4)
      sass-listen (~> 4.0.0)
    sass-listen (4.0.0)
      rb-fsevent (~> 0.9, >= 0.9.4)
      rb-inotify (~> 0.9, >= 0.9.7)
    sawyer (0.9.2)
      addressable (>= 2.3.5)
      faraday (>= 0.17.3, < 3)
    sprockets (4.0.3)
      concurrent-ruby (~> 1.0)
      rack (> 1, < 3)
    terminal-table (1.8.0)
      unicode-display_width (~> 1.1, >= 1.1.1)
    thread_safe (0.3.6)
    typhoeus (1.4.0)
      ethon (>= 0.9.0)
    tzinfo (1.2.10)
      thread_safe (~> 0.1)
    unicode-display_width (1.8.0)
    verbal_expressions (0.1.5)

PLATFORMS
  ruby

DEPENDENCIES
  autoprefixer-rails
  github-pages
  jekyll-algolia
  jekyll-assets
  jekyll-paginate
  minima (~> 2.0)
  tzinfo-data

RUBY VERSION
   ruby 2.6.3p62

BUNDLED WITH
   2.0.1
